GIT
  remote: git://github.com/tchandy/sinatra-activerecord.git
  revision: 47726c2
  specs:
    sinatra-activerecord (0.1.2)

GEM
  remote: http://rubygems.org/
  specs:
    activerecord (2.3.8)
      activesupport (= 2.3.8)
    activesupport (2.3.8)
    ar-octopus (0.0.29)
      activerecord (>= 2.3)
    haml (3.0.15)
    rack (1.2.1)
    sinatra (1.0)
      rack (>= 1.0)
    sqlite3-ruby (1.3.1)

PLATFORMS
  ruby

DEPENDENCIES
  activerecord (>= 2.3)
  ar-octopus (= 0.0.29)
  haml
  sinatra
  sinatra-activerecord!
  sqlite3-ruby (>= 1.3.1)
